GEM
  remote: https://rubygems.org/
  specs:
    addressable (2.5.2)
      public_suffix (>= 2.0.2, < 4.0)
    bourbon (4.2.7)
      sass (~> 3.4)
      thor (~> 0.19)
    coderay (1.1.2)
    colorator (1.1.0)
    concurrent-ruby (1.1.4)
    em-websocket (0.5.1)
      eventmachine (>= 0.12.9)
      http_parser.rb (~> 0.6.0)
    eventmachine (1.2.7)
    ffi (1.10.0)
    formatador (0.2.5)
    forwardable-extended (2.6.0)
    guard (2.15.0)
      formatador (>= 0.2.4)
      listen (>= 2.7, < 4.0)
      lumberjack (>= 1.0.12, < 2.0)
      nenv (~> 0.1)
      notiffany (~> 0.0)
      pry (>= 0.9.12)
      shellany (~> 0.0)
      thor (>= 0.18.1)
    guard-compat (1.2.1)
    guard-livereload (2.5.2)
      em-websocket (~> 0.5)
      guard (~> 2.8)
      guard-compat (~> 1.0)
      multi_json (~> 1.8)
    http_parser.rb (0.6.0)
    i18n (0.9.5)
      concurrent-ruby (~> 1.0)
    jekyll (3.8.5)
      addressable (~> 2.4)
      colorator (~> 1.0)
      em-websocket (~> 0.5)
      i18n (~> 0.7)
      jekyll-sass-converter (~> 1.0)
      jekyll-watch (~> 2.0)
      kramdown (~> 1.14)
      liquid (~> 4.0)
      mercenary (~> 0.3.3)
      pathutil (~> 0.9)
      rouge (>= 1.7, < 4)
      safe_yaml (~> 1.0)
    jekyll-paginate (1.1.0)
    jekyll-sass-converter (1.5.2)
      sass (~> 3.4)
    jekyll-watch (2.1.2)
      listen (~> 3.0)
    kramdown (1.17.0)
    liquid (4.0.1)
    listen (3.1.5)
      rb-fsevent (~> 0.9, >= 0.9.4)
      rb-inotify (~> 0.9, >= 0.9.7)
      ruby_dep (~> 1.2)
    lumberjack (1.0.13)
    mercenary (0.3.6)
    method_source (0.9.2)
    multi_json (1.13.1)
    neat (1.7.4)
      bourbon (>= 4.0)
      sass (>= 3.3)
    nenv (0.3.0)
    notiffany (0.1.1)
      nenv (~> 0.1)
      shellany (~> 0.0)
    pathutil (0.16.2)
      forwardable-extended (~> 2.6)
    pry (0.12.2)
      coderay (~> 1.1.0)
      method_source (~> 0.9.0)
    public_suffix (3.0.3)
    rake (10.5.0)
    rb-fsevent (0.10.3)
    rb-inotify (0.10.0)
      ffi (~> 1.0)
    rouge (3.3.0)
    ruby_dep (1.5.0)
    safe_yaml (1.0.4)
    sass (3.4.25)
    sass-globbing (1.1.5)
      sass (>= 3.1)
    shellany (0.0.1)
    thor (0.20.3)

PLATFORMS
  ruby

DEPENDENCIES
  bourbon (~> 4.2.6)
  guard-livereload
  jekyll (>= 3.6.3)
  jekyll-paginate
  neat (~> 1.7.4)
  rake (~> 10)
  sass (~> 3.4.22)
  sass-globbing

RUBY VERSION
   ruby 2.3.6p384

BUNDLED WITH
   2.1.4
